GEM
  remote: https://rubygems.org/
  specs:
    daemons (1.3.1)
    docker-api (1.34.2)
      excon (>= 0.47.0)
      multi_json
    eventmachine (1.2.7)
    excon (0.71.0)
    multi_json (1.13.1)
    rack (2.0.6)
    rack-proxy (0.6.5)
      rack
    rack-reverse-proxy (0.12.0)
      rack (>= 1.0.0)
      rack-proxy (~> 0.6, >= 0.6.1)
    thin (1.7.2)
      daemons (~> 1.0, >= 1.0.9)
      eventmachine (~> 1.0, >= 1.0.4)
      rack (>= 1, < 3)

PLATFORMS
  ruby

DEPENDENCIES
  docker-api
  rack
  rack-reverse-proxy
  thin

BUNDLED WITH
   1.17.3
