GEM
  remote: https://rubygems.org/
  specs:
    docker-api (1.34.2)
      excon (>= 0.47.0)
      multi_json
    excon (0.62.0)
    multi_json (1.13.1)
    rack (2.0.6)
    rack-proxy (0.6.5)
      rack
    rack-reverse-proxy (0.12.0)
      rack (>= 1.0.0)
      rack-proxy (~> 0.6, >= 0.6.1)

PLATFORMS
  ruby

DEPENDENCIES
  docker-api
  rack
  rack-reverse-proxy

BUNDLED WITH
   1.17.3
